GEM
  remote: http://rubygems.org/
  specs:
    beanstalk-client (1.1.1)
    diff-lcs (1.1.3)
    foreman (0.22.0)
      term-ansicolor (~> 1.0.5)
      thor (>= 0.13.6)
    json (1.6.1)
    json_pure (1.6.1)
    rack (1.3.3)
    rspec (2.6.0)
      rspec-core (~> 2.6.0)
      rspec-expectations (~> 2.6.0)
      rspec-mocks (~> 2.6.0)
    rspec-core (2.6.4)
    rspec-expectations (2.6.0)
      diff-lcs (~> 1.1.2)
    rspec-mocks (2.6.0)
    shotgun (0.9)
      rack (>= 1.0)
    sinatra (1.2.6)
      rack (~> 1.1)
      tilt (< 2.0, >= 1.2.2)
    stalker (0.9.0)
      beanstalk-client
      json_pure
    term-ansicolor (1.0.6)
    thor (0.14.6)
    tilt (1.3.3)

PLATFORMS
  ruby

DEPENDENCIES
  foreman
  json
  rspec
  shotgun
  sinatra
  stalker
