GEM
  remote: http://rubygems.org/
  specs:
    beanstalk-client (1.1.1)
    json (1.6.1)
    json_pure (1.6.1)
    rack (1.3.3)
    shotgun (0.9)
      rack (>= 1.0)
    sinatra (1.2.6)
      rack (~> 1.1)
      tilt (< 2.0, >= 1.2.2)
    stalker (0.9.0)
      beanstalk-client
      json_pure
    tilt (1.3.3)

PLATFORMS
  ruby

DEPENDENCIES
  json
  shotgun
  sinatra
  stalker
